GEM
  remote: http://rubygems.org/
  specs:
    activemodel (4.1.4)
      activesupport (= 4.1.4)
      builder (~> 3.1)
    activerecord (4.1.4)
      activemodel (= 4.1.4)
      activesupport (= 4.1.4)
      arel (~> 5.0.0)
    activesupport (4.1.4)
      i18n (~> 0.6, >= 0.6.9)
      json (~> 1.7, >= 1.7.7)
      minitest (~> 5.1)
      thread_safe (~> 0.1)
      tzinfo (~> 1.1)
    addressable (2.3.6)
    arel (5.0.1.20140414130214)
    bson (1.10.2)
    bson_ext (1.10.2)
      bson (~> 1.10.2)
    builder (3.2.2)
    daemons (1.1.9)
    dalli (2.7.2)
    durran-validatable (2.0.1)
    eventmachine (1.0.3)
    excon (0.33.0)
    heroku (3.9.6)
      excon (= 0.33.0)
      heroku-api (= 0.3.18)
      launchy (= 2.4.2)
      netrc (= 0.7.7)
      rest-client (= 1.6.7)
      rubyzip (= 0.9.9)
    heroku-api (0.3.18)
      excon (~> 0.27)
      multi_json (~> 1.8)
    i18n (0.6.11)
    json (1.8.1)
    launchy (2.4.2)
      addressable (~> 2.3)
    leshill-will_paginate (2.3.11)
    mime-types (2.3)
    minitest (5.4.0)
    mongo (1.10.2)
      bson (= 1.10.2)
    mongoid (1.0.6)
      activesupport (>= 2.2.2)
      durran-validatable (>= 2.0.1)
      leshill-will_paginate (>= 2.3.11)
      mongo (>= 0.18.2)
    mono_logger (1.1.0)
    multi_json (1.10.1)
    netrc (0.7.7)
    pg (0.17.1)
    rabl (0.10.1)
      activesupport (>= 2.3.14)
    rack (1.5.2)
    rack-parser (0.6.0)
      rack
    rack-protection (1.5.3)
      rack
    rack-throttle (0.3.0)
      rack (>= 1.0.0)
    redis (3.1.0)
    redis-namespace (1.5.1)
      redis (~> 3.0, >= 3.0.4)
    resque (1.25.2)
      mono_logger (~> 1.0)
      multi_json (~> 1.0)
      redis-namespace (~> 1.3)
      sinatra (>= 0.9.2)
      vegas (~> 0.1.2)
    rest-client (1.6.7)
      mime-types (>= 1.16)
    rubyzip (0.9.9)
    sinatra (1.4.5)
      rack (~> 1.4)
      rack-protection (~> 1.4)
      tilt (~> 1.3, >= 1.3.4)
    sinatra-activerecord (2.0.2)
      activerecord (>= 3.2)
      sinatra (~> 1.0)
    thin (1.6.2)
      daemons (>= 1.0.9)
      eventmachine (>= 1.0.0)
      rack (>= 1.0.0)
    thread_safe (0.3.4)
    tilt (1.4.1)
    tzinfo (1.2.1)
      thread_safe (~> 0.1)
    vegas (0.1.11)
      rack (>= 1.0.0)

PLATFORMS
  ruby

DEPENDENCIES
  activerecord
  bson
  bson_ext (~> 1.3)
  dalli
  heroku
  mongoid
  pg
  rabl
  rack-parser
  rack-throttle
  redis
  resque
  sinatra
  sinatra-activerecord
  thin
